GEM
  remote: https://rubygems.org/
  specs:
    nokogiri (1.15.4-x86_64-linux)
      racc (~> 1.4)
    racc (1.7.1)

PLATFORMS
  x86_64-linux

DEPENDENCIES
  nokogiri (= 1.15.4)

RUBY VERSION
   ruby 3.0.6p216

BUNDLED WITH
   2.4.20
